GIT
  remote: git://github.com/spier/gem_yql_simple.git
  revision: 426cf714ee18bbf0ca10a80d95bf306ba5928026
  specs:
    yql_simple (0.0.1)
      curb
      json
      nokogiri

GEM
  remote: http://rubygems.org/
  specs:
    curb (0.7.15)
    i18n (0.5.0)
    json (1.5.1)
    nokogiri (1.4.3.1)
    rack (1.2.2)
    sinatra (1.2.6)
      rack (~> 1.1)
      tilt (>= 1.2.2, < 2.0)
    tilt (1.3)

PLATFORMS
  ruby

DEPENDENCIES
  curb
  i18n
  json
  nokogiri
  sinatra
  yql_simple!
